GEM
  remote: http://rubygems.org/
  specs:
    RedCloth (4.2.9)
    diff-lcs (1.1.3)
    git (1.2.5)
    jeweler (1.5.2)
      bundler (~> 1.0.0)
      git (>= 1.2.5)
      rake
    json (1.6.5)
    linguistics (1.0.9)
    liquid (2.3.0)
    macaddr (1.5.0)
      systemu (>= 2.4.0)
    rake (0.9.2.2)
    rcov (1.0.0)
    rdoc (3.12)
      json (~> 1.4)
    rspec (2.2.0)
      rspec-core (~> 2.2)
      rspec-expectations (~> 2.2)
      rspec-mocks (~> 2.2)
    rspec-core (2.8.0)
    rspec-expectations (2.8.0)
      diff-lcs (~> 1.1.2)
    rspec-mocks (2.8.0)
    systemu (2.4.2)
    uuid (2.3.4)
      macaddr (~> 1.0)
    zipruby (0.3.6)

PLATFORMS
  ruby

DEPENDENCIES
  RedCloth
  bundler (~> 1.0.0)
  jeweler (~> 1.5.1)
  linguistics
  liquid
  rake
  rcov
  rdoc
  rspec (~> 2.2.0)
  uuid
  zipruby
